REDIRECTS: ON
NUGET
  remote: https://www.nuget.org/api/v2
    FSharp.Configuration (1.3.1) - restriction: >= net461
      FSharp.Core (>= 4.0.0.1)
    FSharp.Core (4.2.3) - restriction: >= net461
    System.ValueTuple (4.4) - restriction: >= net461
