REDIRECTS: ON
NUGET
  remote: https://www.nuget.org/api/v2
    7-Zip.CommandLine (16.4)
